GEM
  remote: https://rubygems.org/
  specs:
    json (2.1.0)
    rake (12.3.1)
    sqlite3 (1.3.13)

PLATFORMS
  ruby

DEPENDENCIES
  json
  rake
  sqlite3
  tzinfo-data

BUNDLED WITH
   1.16.2
