GEM
  remote: https://rubygems.org/
  specs:
    json (2.1.0)
    rake (12.3.1)
    slack-notifier (2.3.2)
    sqlite3 (1.3.13)

PLATFORMS
  ruby

DEPENDENCIES
  json
  rake
  slack-notifier
  sqlite3

BUNDLED WITH
   1.16.2
